GEM
  remote: https://rubygems.org/
  specs:
    artii (2.1.2)
    curses (1.3.1)

PLATFORMS
  ruby

DEPENDENCIES
  artii (~> 2.1)
  curses (~> 1.3)

BUNDLED WITH
   2.0.2
