GEM
  remote: https://rubygems.org/
  specs:
    curses (1.3.1)
    simple-random (1.0.3)

PLATFORMS
  ruby

DEPENDENCIES
  curses (~> 1.3)
  simple-random (~> 1.0)

BUNDLED WITH
   2.0.2
